GEM
  remote: https://rubygems.org/
  specs:
    backports (3.6.8)
    bson (4.1.1)
    mini_portile2 (2.1.0)
    mongo (2.3.0)
      bson (~> 4.1)
    multi_json (1.12.1)
    nokogiri (1.6.8-x64-mingw32)
      mini_portile2 (~> 2.1.0)
      pkg-config (~> 1.1.7)
    pkg-config (1.1.7)
    rack (1.6.4)
    rack-protection (1.5.3)
      rack
    rack-test (0.6.3)
      rack (>= 1.0)
    sinatra (1.4.7)
      rack (~> 1.5)
      rack-protection (~> 1.4)
      tilt (>= 1.3, < 3)
    sinatra-contrib (1.4.7)
      backports (>= 2.0)
      multi_json
      rack-protection
      rack-test
      sinatra (~> 1.4.0)
      tilt (>= 1.3, < 3)
    sinatra-param (1.4.0)
      sinatra (~> 1.3)
    tilt (2.0.5)

PLATFORMS
  x64-mingw32

DEPENDENCIES
  mongo
  nokogiri
  sinatra
  sinatra-contrib
  sinatra-param

BUNDLED WITH
   1.13.1
